GEM
  remote: https://rubygems.org/
  specs:
    colorize (0.8.1)
    equatable (0.5.0)
    hitimes (1.2.6)
    necromancer (0.4.0)
    pastel (0.7.1)
      equatable (~> 0.5.0)
      tty-color (~> 0.4.0)
    rake (10.5.0)
    thor (0.19.1)
    timers (4.1.2)
      hitimes
    tty-color (0.4.2)
    tty-cursor (0.5.0)
    tty-prompt (0.13.2)
      necromancer (~> 0.4.0)
      pastel (~> 0.7.0)
      timers (~> 4.1.2)
      tty-cursor (~> 0.5.0)
      tty-reader (~> 0.1.0)
    tty-reader (0.1.0)
      wisper (~> 2.0.0)
    vedeu (0.8.32)
      bundler (~> 1.12)
      rake (~> 10.5)
      thor (= 0.19.1)
      vedeu_cli (= 0.0.10)
    vedeu_cli (0.0.10)
      rake (~> 10.5)
      thor (= 0.19.1)
    wisper (2.0.0)
    xmpp4r (0.5.6)

PLATFORMS
  ruby

DEPENDENCIES
  colorize
  tty-prompt
  vedeu
  xmpp4r

BUNDLED WITH
   1.14.6
